GEM
  remote: https://rubygems.org/
  specs:
    diff-lcs (1.3)
    rspec (3.8.0)
      rspec-core (~> 3.8.0)
      rspec-expectations (~> 3.8.0)
      rspec-mocks (~> 3.8.0)
    rspec-core (3.8.0)
      rspec-support (~> 3.8.0)
    rspec-expectations (3.8.3)
      diff-lcs (>= 1.2.0, < 2.0)
      rspec-support (~> 3.8.0)
    rspec-mocks (3.8.0)
      diff-lcs (>= 1.2.0, < 2.0)
      rspec-support (~> 3.8.0)
    rspec-support (3.8.0)

    Using bundler 1.17.2
    Using diff-lcs 1.3
    Using rspec-support 3.8.0
    Using rspec-core 3.8.0
    Using rspec-expectations 3.8.3
    Using rspec-mocks 3.8.0
    Using rspec 3.8.0
    
PLATFORMS
  ruby

DEPENDENCIES
  rspec

RUBY VERSION
   ruby 2.6.3p62

BUNDLED WITH
   1.17.2
